GEM
  remote: https://rubygems.org/
  specs:
    mustermann (1.1.1)
      ruby2_keywords (~> 0.0.1)
    rack (2.0.6)
    ruby2_keywords (0.0.5)
    webrick (1.7.0)

PLATFORMS
  ruby

DEPENDENCIES
  mustermann (~> 1.1)
  rack (~> 2.0)
  webrick (~> 1.7)

BUNDLED WITH
   1.17.3
